GIT
  remote: https://github.com/celluloid/celluloid
  revision: 5a560561b49241fc84c3b414bb6652826ce8ea71
  ref: 5a56056
  specs:
    celluloid (0.16.0.pre)
      timers (~> 2.0.0)

GIT
  remote: https://github.com/travis-ci/travis-build
  revision: 67471ac6a6f437a2593d619721e39121b1b2dae0
  specs:
    travis-build (0.0.1)

GIT
  remote: https://github.com/travis-ci/travis-support
  revision: 40365216662f639d36fc3a0463c4e189ee1563dd
  specs:
    travis-support (0.0.1)

GEM
  remote: https://rubygems.org/
  specs:
    CFPropertyList (2.3.6)
    activesupport (4.2.11.3)
      i18n (~> 0.7)
      minitest (~> 5.1)
      thread_safe (~> 0.3, >= 0.3.4)
      tzinfo (~> 1.1)
    addressable (2.8.1)
      public_suffix (>= 2.0.2, < 6.0)
    aliyun-sdk (0.8.0)
      nokogiri (~> 1.6)
      rest-client (~> 2.0)
    archive-tar-minitar (0.5.2)
    atomic (1.1.101)
    atomic (1.1.101-java)
    avl_tree (1.2.1)
      atomic (~> 1.1)
    builder (3.2.4)
    coder (0.4.0)
    coderay (1.1.0)
    concurrent-ruby (1.2.2)
    crack (0.4.2)
      safe_yaml (~> 1.0.0)
    declarative (0.0.20)
    diff-lcs (1.2.5)
    docile (1.1.5)
    docker-api (1.13.2)
      archive-tar-minitar
      excon (>= 0.38.0)
      json
    domain_name (0.5.20190701)
      unf (>= 0.0.5, < 1.0.0)
    dry-inflector (1.0.0)
    excon (0.99.0)
    faraday (1.0.1)
      multipart-post (>= 1.2, < 3)
    ffi (1.9.3-java)
    fission (0.5.0)
      CFPropertyList (~> 2.2)
    fog (2.3.0)
      fog-aliyun (>= 0.1.0)
      fog-atmos
      fog-aws (>= 0.6.0)
      fog-brightbox (>= 0.4, < 2.0)
      fog-cloudatcost (~> 0.4)
      fog-cloudstack (~> 0.1.0)
      fog-core (~> 2.1)
      fog-digitalocean (>= 0.3.0)
      fog-dnsimple (~> 2.1)
      fog-dynect (>= 0.0.2, < 0.6.0)
      fog-ecloud (~> 0.1)
      fog-google (~> 1.0)
      fog-internet-archive
      fog-json
      fog-local
      fog-openstack
      fog-ovirt
      fog-powerdns (>= 0.1.1)
      fog-profitbricks
      fog-rackspace
      fog-radosgw (>= 0.0.2)
      fog-riakcs
      fog-sakuracloud (>= 0.0.4)
      fog-serverlove
      fog-softlayer
      fog-storm_on_demand
      fog-terremark
      fog-vmfusion
      fog-voxel
      fog-vsphere (>= 0.4.0)
      fog-xenserver
      fog-xml (~> 0.1.1)
      ipaddress (~> 0.5)
      json (~> 2.3)
    fog-aliyun (0.4.0)
      addressable (~> 2.8.0)
      aliyun-sdk (~> 0.8.0)
      fog-core
      fog-json
      ipaddress (~> 0.8)
      xml-simple (~> 1.1)
    fog-atmos (0.1.0)
      fog-core
      fog-xml
    fog-aws (3.18.0)
      fog-core (~> 2.1)
      fog-json (~> 1.1)
      fog-xml (~> 0.1)
    fog-brightbox (1.11.0)
      dry-inflector
      fog-core (>= 1.45, < 3.0)
      fog-json
    fog-cloudatcost (0.4.0)
      fog-core
      fog-json
      ipaddress
    fog-cloudstack (0.1.0)
      fog-core (~> 2.1)
      fog-json (~> 1.1)
      fog-xml (~> 0.1)
    fog-core (2.2.4)
      builder
      excon (~> 0.71)
      formatador (~> 0.2)
      mime-types
    fog-digitalocean (0.4.0)
      fog-core
      fog-json
      fog-xml
      ipaddress (>= 0.5)
    fog-dnsimple (2.1.0)
      fog-core (>= 1.38, < 3)
      fog-json
    fog-dynect (0.5.0)
      fog-core
      fog-json
      fog-xml
    fog-ecloud (0.3.0)
      fog-core
      fog-xml
    fog-google (1.19.0)
      fog-core (< 2.3)
      fog-json (~> 1.2)
      fog-xml (~> 0.1.0)
      google-apis-compute_v1 (~> 0.14)
      google-apis-dns_v1 (~> 0.12)
      google-apis-iamcredentials_v1 (~> 0.6)
      google-apis-monitoring_v3 (~> 0.12)
      google-apis-pubsub_v1 (~> 0.7)
      google-apis-sqladmin_v1beta4 (~> 0.13)
      google-apis-storage_v1 (~> 0.6)
      google-cloud-env (~> 1.2)
    fog-internet-archive (0.0.2)
      fog-core
      fog-json
      fog-xml
    fog-json (1.2.0)
      fog-core
      multi_json (~> 1.10)
    fog-local (0.8.0)
      fog-core (>= 1.27, < 3.0)
    fog-openstack (1.1.0)
      fog-core (~> 2.1)
      fog-json (>= 1.0)
    fog-ovirt (2.0.2)
      activesupport
      fog-core
      fog-json
      fog-xml
      ovirt-engine-sdk (>= 4.3.1)
    fog-powerdns (0.2.0)
      fog-core
      fog-json
      fog-xml
    fog-profitbricks (0.0.5)
      fog-core
      fog-xml
      nokogiri
    fog-rackspace (0.1.6)
      fog-core (>= 1.35)
      fog-json (>= 1.0)
      fog-xml (>= 0.1)
      ipaddress (>= 0.8)
    fog-radosgw (0.0.5)
      fog-core (>= 1.21.0)
      fog-json
      fog-xml (>= 0.0.1)
    fog-riakcs (0.1.0)
      fog-core
      fog-json
      fog-xml
    fog-sakuracloud (1.7.5)
      fog-core
      fog-json
    fog-serverlove (0.1.2)
      fog-core
      fog-json
    fog-softlayer (1.1.4)
      fog-core
      fog-json
    fog-storm_on_demand (0.1.1)
      fog-core
      fog-json
    fog-terremark (0.1.0)
      fog-core
      fog-xml
    fog-vmfusion (0.1.0)
      fission
      fog-core
    fog-voxel (0.1.0)
      fog-core
      fog-xml
    fog-vsphere (3.6.0)
      fog-core
      rbvmomi2 (~> 3.0)
    fog-xenserver (1.0.0)
      fog-core
      fog-xml
      xmlrpc
    fog-xml (0.1.4)
      fog-core
      nokogiri (>= 1.5.11, < 2.0.0)
    formatador (0.3.0)
    google-apis-compute_v1 (0.64.0)
      google-apis-core (>= 0.11.0, < 2.a)
    google-apis-core (0.11.0)
      addressable (~> 2.5, >= 2.5.1)
      googleauth (>= 0.16.2, < 2.a)
      httpclient (>= 2.8.1, < 3.a)
      mini_mime (~> 1.0)
      representable (~> 3.0)
      retriable (>= 2.0, < 4.a)
      rexml
      webrick
    google-apis-dns_v1 (0.31.0)
      google-apis-core (>= 0.11.0, < 2.a)
    google-apis-iamcredentials_v1 (0.17.0)
      google-apis-core (>= 0.11.0, < 2.a)
    google-apis-monitoring_v3 (0.42.0)
      google-apis-core (>= 0.11.0, < 2.a)
    google-apis-pubsub_v1 (0.35.0)
      google-apis-core (>= 0.11.0, < 2.a)
    google-apis-sqladmin_v1beta4 (0.45.0)
      google-apis-core (>= 0.11.0, < 2.a)
    google-apis-storage_v1 (0.22.0)
      google-apis-core (>= 0.11.0, < 2.a)
    google-cloud-env (1.6.0)
      faraday (>= 0.17.3, < 3.0)
    googleauth (1.3.0)
      faraday (>= 0.17.3, < 3.a)
      jwt (>= 1.4, < 3.0)
      memoist (~> 0.16)
      multi_json (~> 1.11)
      os (>= 0.9, < 2.0)
      signet (>= 0.16, < 2.a)
    hashr (2.0.1)
    hitimes (1.2.2)
    hitimes (1.2.2-java)
    http-accept (1.7.0)
    http-cookie (1.0.5)
      domain_name (~> 0.5)
    httpclient (2.8.3)
    i18n (0.9.5)
      concurrent-ruby (~> 1.0)
    ipaddress (0.8.3)
    json (2.6.3)
    json (2.6.3-java)
    jwt (2.7.0)
    march_hare (2.7.0-java)
    memoist (0.16.2)
    method_source (0.8.2)
    metriks (0.9.9.8)
      atomic (~> 1.0)
      avl_tree (~> 1.2.0)
      hitimes (~> 1.1)
    mime-types (3.4.1)
      mime-types-data (~> 3.2015)
    mime-types-data (3.2023.0218.1)
    mini_mime (1.1.2)
    minitest (5.18.0)
    mocha (1.11.2)
    multi_json (1.14.1)
    multipart-post (2.3.0)
    net-ssh (6.1.0)
    netrc (0.11.0)
    nokogiri (1.14.2-java)
      racc (~> 1.4)
    nokogiri (1.14.2-x86_64-linux)
      racc (~> 1.4)
    optimist (3.0.1)
    os (1.1.4)
    ovirt-engine-sdk (4.4.1)
      json (>= 1, < 3)
    pry (0.10.1)
      coderay (~> 1.1.0)
      method_source (~> 0.8.1)
      slop (~> 3.4)
    pry (0.10.1-java)
      coderay (~> 1.1.0)
      method_source (~> 0.8.1)
      slop (~> 3.4)
      spoon (~> 0.0)
    public_suffix (5.0.1)
    racc (1.6.2)
    racc (1.6.2-java)
    rake (12.3.3)
    rbvmomi2 (3.6.0)
      builder (~> 3.2)
      json (~> 2.3)
      nokogiri (~> 1.12, >= 1.12.5)
      optimist (~> 3.0)
    representable (3.2.0)
      declarative (< 0.1.0)
      trailblazer-option (>= 0.1.1, < 0.2.0)
      uber (< 0.2.0)
    rest-client (2.1.0)
      http-accept (>= 1.7.0, < 2.0)
      http-cookie (>= 1.0.2, < 2.0)
      mime-types (>= 1.16, < 4.0)
      netrc (~> 0.8)
    retriable (3.1.2)
    rexml (3.2.5)
    rspec (3.1.0)
      rspec-core (~> 3.1.0)
      rspec-expectations (~> 3.1.0)
      rspec-mocks (~> 3.1.0)
    rspec-core (3.1.2)
      rspec-support (~> 3.1.0)
    rspec-expectations (3.1.0)
      diff-lcs (>= 1.2.0, < 2.0)
      rspec-support (~> 3.1.0)
    rspec-mocks (3.1.0)
      rspec-support (~> 3.1.0)
    rspec-support (3.1.0)
    safe_yaml (1.0.3)
    sentry-raven (0.12.1)
      faraday (>= 0.7.6)
    signet (0.17.0)
      addressable (~> 2.8)
      faraday (>= 0.17.5, < 3.a)
      jwt (>= 1.5, < 3.0)
      multi_json (~> 1.10)
    simplecov (0.9.0)
      docile (~> 1.1.0)
      multi_json
      simplecov-html (~> 0.8.0)
    simplecov-html (0.8.0)
    slop (3.6.0)
    spoon (0.0.4)
      ffi
    thor (0.19.1)
    thread_safe (0.3.6)
    thread_safe (0.3.6-java)
    timers (2.0.0)
      hitimes
    trailblazer-option (0.1.2)
    tzinfo (1.2.11)
      thread_safe (~> 0.1)
    uber (0.1.0)
    unf (0.1.4)
      unf_ext
    unf (0.1.4-java)
    unf_ext (0.0.8.2)
    webmock (1.18.0)
      addressable (>= 2.3.6)
      crack (>= 0.3.2)
    webrick (1.8.1)
    xml-simple (1.1.9)
      rexml
    xmlrpc (0.3.2)
      webrick

PLATFORMS
  java
  x86_64-linux

DEPENDENCIES
  activesupport (~> 4.0)
  celluloid!
  coder
  docker-api
  faraday (~> 1.0.0)
  fog (~> 2.3.0)
  hashr (~> 2.0.0)
  json
  march_hare (= 2.7.0)
  metriks (= 0.9.9.8)
  mocha (~> 1.11.0)
  multi_json (~> 1.14.0)
  net-ssh (~> 6.1.0)
  pry
  rake (~> 12.3.0)
  rspec
  sentry-raven (>= 0.12.1)
  simplecov (>= 0.4.0)
  thor
  travis-build!
  travis-support!
  webmock

BUNDLED WITH
   2.4.8
